PATH
  remote: .
  specs:
    where_chain (0.6.0)
      activerecord (>= 4.2)

GEM
  remote: https://rubygems.org/
  specs:
    actionpack (7.2.1)
      actionview (= 7.2.1)
      activesupport (= 7.2.1)
      nokogiri (>= 1.8.5)
      racc
      rack (>= 2.2.4, < 3.2)
      rack-session (>= 1.0.1)
      rack-test (>= 0.6.3)
      rails-dom-testing (~> 2.2)
      rails-html-sanitizer (~> 1.6)
      useragent (~> 0.16)
    actionview (7.2.1)
      activesupport (= 7.2.1)
      builder (~> 3.1)
      erubi (~> 1.11)
      rails-dom-testing (~> 2.2)
      rails-html-sanitizer (~> 1.6)
    activemodel (7.2.1)
      activesupport (= 7.2.1)
    activerecord (7.2.1)
      activemodel (= 7.2.1)
      activesupport (= 7.2.1)
      timeout (>= 0.4.0)
    activesupport (7.2.1)
      base64
      bigdecimal
      concurrent-ruby (~> 1.0, >= 1.3.1)
      connection_pool (>= 2.2.5)
      drb
      i18n (>= 1.6, < 2)
      logger (>= 1.4.2)
      minitest (>= 5.1)
      securerandom (>= 0.3)
      tzinfo (~> 2.0, >= 2.0.5)
    appraisal (2.5.0)
      bundler
      rake
      thor (>= 0.14.0)
    ast (2.4.2)
    base64 (0.2.0)
    bigdecimal (3.1.8)
    builder (3.3.0)
    coderay (1.1.3)
    combustion (1.5.0)
      activesupport (>= 3.0.0)
      railties (>= 3.0.0)
      thor (>= 0.14.6)
    concurrent-ruby (1.3.4)
    connection_pool (2.4.1)
    crass (1.0.6)
    diff-lcs (1.5.1)
    drb (2.2.1)
    erubi (1.13.0)
    factory_bot (6.5.0)
      activesupport (>= 5.0.0)
    factory_bot_rails (6.4.3)
      factory_bot (~> 6.4)
      railties (>= 5.0.0)
    i18n (1.14.6)
      concurrent-ruby (~> 1.0)
    io-console (0.7.2)
    irb (1.14.0)
      rdoc (>= 4.0.0)
      reline (>= 0.4.2)
    json (2.7.2)
    language_server-protocol (3.17.0.3)
    logger (1.6.1)
    loofah (2.22.0)
      crass (~> 1.0.2)
      nokogiri (>= 1.12.0)
    method_source (1.1.0)
    minitest (5.25.1)
    nokogiri (1.16.7-aarch64-linux)
      racc (~> 1.4)
    nokogiri (1.16.7-arm-linux)
      racc (~> 1.4)
    nokogiri (1.16.7-arm64-darwin)
      racc (~> 1.4)
    nokogiri (1.16.7-x86-linux)
      racc (~> 1.4)
    nokogiri (1.16.7-x86_64-darwin)
      racc (~> 1.4)
    nokogiri (1.16.7-x86_64-linux)
      racc (~> 1.4)
    parallel (1.26.3)
    parser (3.3.5.0)
      ast (~> 2.4.1)
      racc
    pry (0.14.2)
      coderay (~> 1.1)
      method_source (~> 1.0)
    pry-rails (0.3.11)
      pry (>= 0.13.0)
    psych (5.1.2)
      stringio
    racc (1.8.1)
    rack (3.1.7)
    rack-session (2.0.0)
      rack (>= 3.0.0)
    rack-test (2.1.0)
      rack (>= 1.3)
    rackup (2.1.0)
      rack (>= 3)
      webrick (~> 1.8)
    rails-dom-testing (2.2.0)
      activesupport (>= 5.0.0)
      minitest
      nokogiri (>= 1.6)
    rails-html-sanitizer (1.6.0)
      loofah (~> 2.21)
      nokogiri (~> 1.14)
    railties (7.2.1)
      actionpack (= 7.2.1)
      activesupport (= 7.2.1)
      irb (~> 1.13)
      rackup (>= 1.0.0)
      rake (>= 12.2)
      thor (~> 1.0, >= 1.2.2)
      zeitwerk (~> 2.6)
    rainbow (3.1.1)
    rake (13.2.1)
    rdoc (6.7.0)
      psych (>= 4.0.0)
    regexp_parser (2.9.2)
    reline (0.5.10)
      io-console (~> 0.5)
    rspec-core (3.13.1)
      rspec-support (~> 3.13.0)
    rspec-expectations (3.13.3)
      diff-lcs (>= 1.2.0, < 2.0)
      rspec-support (~> 3.13.0)
    rspec-mocks (3.13.1)
      diff-lcs (>= 1.2.0, < 2.0)
      rspec-support (~> 3.13.0)
    rspec-rails (7.0.1)
      actionpack (>= 7.0)
      activesupport (>= 7.0)
      railties (>= 7.0)
      rspec-core (~> 3.13)
      rspec-expectations (~> 3.13)
      rspec-mocks (~> 3.13)
      rspec-support (~> 3.13)
    rspec-support (3.13.1)
    rspec_junit_formatter (0.6.0)
      rspec-core (>= 2, < 4, != 2.12.0)
    rubocop (1.66.1)
      json (~> 2.3)
      language_server-protocol (>= 3.17.0)
      parallel (~> 1.10)
      parser (>= 3.3.0.2)
      rainbow (>= 2.2.2, < 4.0)
      regexp_parser (>= 2.4, < 3.0)
      rubocop-ast (>= 1.32.2, < 2.0)
      ruby-progressbar (~> 1.7)
      unicode-display_width (>= 2.4.0, < 3.0)
    rubocop-ast (1.32.3)
      parser (>= 3.3.1.0)
    ruby-progressbar (1.13.0)
    securerandom (0.3.1)
    sqlite3 (1.7.3-aarch64-linux)
    sqlite3 (1.7.3-arm-linux)
    sqlite3 (1.7.3-arm64-darwin)
    sqlite3 (1.7.3-x86-linux)
    sqlite3 (1.7.3-x86_64-darwin)
    sqlite3 (1.7.3-x86_64-linux)
    stringio (3.1.1)
    thor (1.3.2)
    timeout (0.4.1)
    tzinfo (2.0.6)
      concurrent-ruby (~> 1.0)
    unicode-display_width (2.6.0)
    useragent (0.16.10)
    webrick (1.8.2)
    zeitwerk (2.6.18)

PLATFORMS
  aarch64-linux
  aarch64-linux-gnu
  aarch64-linux-musl
  arm-linux
  arm-linux-gnu
  arm-linux-musl
  arm64-darwin
  x86-linux
  x86-linux-gnu
  x86-linux-musl
  x86_64-darwin
  x86_64-linux
  x86_64-linux-gnu
  x86_64-linux-musl

DEPENDENCIES
  appraisal
  combustion (~> 1.4)
  factory_bot_rails
  pry-rails
  rspec-rails
  rspec_junit_formatter
  rubocop
  sqlite3 (~> 1.4)
  where_chain!

BUNDLED WITH
   2.5.18
